GEM
  remote: https://rubygems.org/
  specs:
    mini_portile2 (2.1.0)
    nokogiri (1.7.0.1)
      mini_portile2 (~> 2.1.0)
    roo (2.7.1)
      nokogiri (~> 1)
      rubyzip (~> 1.1, < 2.0.0)
    roo-xls (1.0.0)
      nokogiri
      roo (>= 2.0.0beta1, < 3)
      spreadsheet (> 0.9.0)
    ruby-ole (1.2.12)
    rubyzip (1.2.0)
    spreadsheet (1.1.4)
      ruby-ole (>= 1.0)

PLATFORMS
  ruby

DEPENDENCIES
  roo-xls

BUNDLED WITH
   1.13.7
